GIT
  remote: https://github.com/travis-ci/travis-support
  revision: 113cff17fe383bb72fcfae3a97a8ce98c228342f
  specs:
    travis-support (0.0.1)

GEM
  remote: https://rubygems.org/
  specs:
    activesupport (4.1.16)
      i18n (~> 0.6, >= 0.6.9)
      json (~> 1.7, >= 1.7.7)
      minitest (~> 5.1)
      thread_safe (~> 0.1)
      tzinfo (~> 1.1)
    addressable (2.5.1)
      public_suffix (~> 2.0, >= 2.0.2)
    atomic (1.1.99)
    avl_tree (1.2.1)
      atomic (~> 1.1)
    backports (2.4.0)
    concurrent-ruby (1.0.5)
    connection_pool (2.2.1)
    crack (0.4.3)
      safe_yaml (~> 1.0.0)
    diff-lcs (1.3)
    faraday (0.12.1)
      multipart-post (>= 1.2, < 3)
    foreman (0.41.0)
      thor (>= 0.13.6)
    hashdiff (0.3.4)
    hashr (2.0.1)
    hitimes (1.2.5)
    i18n (0.9.1)
      concurrent-ruby (~> 1.0)
    json (1.8.6)
    kgio (2.11.0)
    metriks (0.9.9.8)
      atomic (~> 1.0)
      avl_tree (~> 1.2.0)
      hitimes (~> 1.1)
    metriks-librato_metrics (1.0.6)
      metriks (>= 0.9.9.6)
    minitest (5.11.1)
    multi_json (1.12.1)
    multipart-post (2.0.0)
    public_suffix (2.0.5)
    rack (1.6.8)
    rack-protection (1.5.3)
      rack
    rack-test (0.6.3)
      rack (>= 1.0)
    raindrops (0.18.0)
    rake (0.9.2.2)
    redis (3.3.3)
    redis-namespace (1.5.3)
      redis (~> 3.0, >= 3.0.4)
    rspec (2.99.0)
      rspec-core (~> 2.99.0)
      rspec-expectations (~> 2.99.0)
      rspec-mocks (~> 2.99.0)
    rspec-core (2.99.2)
    rspec-expectations (2.99.2)
      diff-lcs (>= 1.1.3, < 2.0)
    rspec-mocks (2.99.4)
    safe_yaml (1.0.4)
    sentry-raven (2.5.3)
      faraday (>= 0.7.6, < 1.0)
    sidekiq (4.0.2)
      concurrent-ruby (~> 1.0)
      connection_pool (~> 2.2, >= 2.2.0)
      redis (~> 3.2, >= 3.2.1)
    sinatra (1.4.8)
      rack (~> 1.5)
      rack-protection (~> 1.4)
      tilt (>= 1.3, < 3)
    thor (0.19.4)
    thread_safe (0.3.6)
    tilt (2.0.7)
    travis-config (1.0.13)
      hashr (~> 2.0.0)
    tzinfo (1.2.4)
      thread_safe (~> 0.1)
    unicorn (4.6.3)
      kgio (~> 2.6)
      rack
      raindrops (~> 0.7)
    webmock (3.0.1)
      addressable (>= 2.3.6)
      crack (>= 0.3.2)
      hashdiff
    yajl-ruby (1.3.1)

PLATFORMS
  ruby

DEPENDENCIES
  activesupport (~> 4.1.11)
  backports (= 2.4.0)
  foreman (~> 0.41.0)
  metriks
  metriks-librato_metrics
  multi_json
  rack-test
  rake (~> 0.9.2.2)
  redis-namespace
  rspec (~> 2.9)
  sentry-raven
  sidekiq (~> 4.0.0)
  sinatra (~> 1.4.2)
  travis-config (~> 1.0.0)
  travis-support!
  unicorn (~> 4.6.2)
  webmock
  yajl-ruby (~> 1.3.1)

RUBY VERSION
   ruby 2.4.2p198

BUNDLED WITH
   1.16.6
