GIT
  remote: git://github.com/getsentry/raven-ruby.git
  revision: 8e338102938275e96484583c3cce818cc6f05f37
  specs:
    sentry-raven (0.16.0.dev0)
      faraday (>= 0.7.6)

GIT
  remote: git://github.com/travis-ci/travis-support.git
  revision: 2cd02d2a06fdd1e2fc2f129148c168b56f7c190f
  specs:
    travis-support (0.0.1)

GEM
  remote: https://rubygems.org/
  specs:
    activesupport (3.2.22)
      i18n (~> 0.6, >= 0.6.4)
      multi_json (~> 1.0)
    addressable (2.3.8)
    atomic (1.1.99)
    avl_tree (1.2.1)
      atomic (~> 1.1)
    backports (2.4.0)
    concurrent-ruby (1.0.0)
    connection_pool (2.2.0)
    crack (0.4.2)
      safe_yaml (~> 1.0.0)
    diff-lcs (1.2.5)
    faraday (0.9.2)
      multipart-post (>= 1.2, < 3)
    foreman (0.41.0)
      thor (>= 0.13.6)
    hashdiff (0.2.3)
    hashr (2.0.0)
    hitimes (1.2.3)
    i18n (0.7.0)
    json (1.8.3)
    kgio (2.10.0)
    metriks (0.9.9.7)
      atomic (~> 1.0)
      avl_tree (~> 1.2.0)
      hitimes (~> 1.1)
    metriks-librato_metrics (1.0.5)
      metriks (>= 0.9.9.6)
    multi_json (1.11.2)
    multipart-post (2.0.0)
    rack (1.6.4)
    rack-protection (1.5.3)
      rack
    rack-test (0.6.3)
      rack (>= 1.0)
    raindrops (0.15.0)
    rake (0.9.2.2)
    redis (3.2.2)
    redis-namespace (1.5.2)
      redis (~> 3.0, >= 3.0.4)
    rspec (2.99.0)
      rspec-core (~> 2.99.0)
      rspec-expectations (~> 2.99.0)
      rspec-mocks (~> 2.99.0)
    rspec-core (2.99.2)
    rspec-expectations (2.99.2)
      diff-lcs (>= 1.1.3, < 2.0)
    rspec-mocks (2.99.4)
    safe_yaml (1.0.4)
    sidekiq (4.0.1)
      concurrent-ruby (~> 1.0)
      connection_pool (~> 2.2, >= 2.2.0)
      json (~> 1.0)
      redis (~> 3.2, >= 3.2.1)
    sinatra (1.4.6)
      rack (~> 1.4)
      rack-protection (~> 1.4)
      tilt (>= 1.3, < 3)
    thor (0.19.1)
    tilt (2.0.1)
    travis-config (1.0.12)
      hashr (~> 2.0.0)
    unicorn (4.6.3)
      kgio (~> 2.6)
      rack
      raindrops (~> 0.7)
    webmock (1.22.3)
      addressable (>= 2.3.6)
      crack (>= 0.3.2)
      hashdiff
    yajl-ruby (1.1.0)

PLATFORMS
  ruby

DEPENDENCIES
  activesupport (~> 3.2.13)
  backports (= 2.4.0)
  foreman (~> 0.41.0)
  metriks
  metriks-librato_metrics
  multi_json
  rack-test
  rake (~> 0.9.2.2)
  redis-namespace
  rspec (~> 2.9)
  sentry-raven!
  sidekiq (~> 4.0.0)
  sinatra (~> 1.4.2)
  travis-config (~> 1.0.0)
  travis-support!
  unicorn (~> 4.6.2)
  webmock
  yajl-ruby (~> 1.1.0)

BUNDLED WITH
   1.13.1
