GIT
  remote: https://github.com/travis-ci/travis-config
  revision: d6b678fb17b242508fa4e061ff7b01cae3b08996
  branch: prd-ruby-upgrade-dev
  specs:
    travis-config (1.1.5)
      hashr (~> 2.0)

GIT
  remote: https://github.com/travis-ci/travis-support
  revision: 77f8dad236002e6103cfdb796308e1a11d8d441e
  branch: prd-ruby-upgrade-dev
  specs:
    travis-support (0.0.1)

GEM
  remote: https://rubygems.org/
  specs:
    activesupport (7.0.6)
      concurrent-ruby (~> 1.0, >= 1.0.2)
      i18n (>= 1.6, < 2)
      minitest (>= 5.1)
      tzinfo (~> 2.0)
    atomic (1.1.101)
    avl_tree (1.2.1)
      atomic (~> 1.1)
    coderay (1.1.3)
    concurrent-ruby (1.2.2)
    connection_pool (2.4.1)
    diff-lcs (1.5.0)
    foreman (0.87.2)
    hashr (2.0.1)
    hitimes (1.3.1)
    i18n (1.14.1)
      concurrent-ruby (~> 1.0)
    method_source (1.0.0)
    metriks (0.9.9.8)
      atomic (~> 1.0)
      avl_tree (~> 1.2.0)
      hitimes (~> 1.1)
    metriks-librato_metrics (1.0.6)
      metriks (>= 0.9.9.6)
    minitest (5.19.0)
    mustermann (3.0.0)
      ruby2_keywords (~> 0.0.1)
    nio4r (2.5.9)
    pry (0.14.2)
      coderay (~> 1.1)
      method_source (~> 1.0)
    puma (6.3.0)
      nio4r (~> 2.0)
    rack (2.2.8)
    rack-protection (3.0.6)
      rack
    rack-test (2.1.0)
      rack (>= 1.3)
    rake (13.0.6)
    redis (5.0.6)
      redis-client (>= 0.9.0)
    redis-client (0.15.0)
      connection_pool
    rspec (3.12.0)
      rspec-core (~> 3.12.0)
      rspec-expectations (~> 3.12.0)
      rspec-mocks (~> 3.12.0)
    rspec-core (3.12.2)
      rspec-support (~> 3.12.0)
    rspec-expectations (3.12.3)
      diff-lcs (>= 1.2.0, < 2.0)
      rspec-support (~> 3.12.0)
    rspec-mocks (3.12.6)
      diff-lcs (>= 1.2.0, < 2.0)
      rspec-support (~> 3.12.0)
    rspec-support (3.12.1)
    ruby2_keywords (0.0.5)
    sentry-ruby (5.10.0)
      concurrent-ruby (~> 1.0, >= 1.0.2)
    sidekiq (7.1.2)
      concurrent-ruby (< 2)
      connection_pool (>= 2.3.0)
      rack (>= 2.2.4)
      redis-client (>= 0.14.0)
    sinatra (3.0.6)
      mustermann (~> 3.0)
      rack (~> 2.2, >= 2.2.4)
      rack-protection (= 3.0.6)
      tilt (~> 2.0)
    tilt (2.2.0)
    timecop (0.9.6)
    tzinfo (2.0.6)
      concurrent-ruby (~> 1.0)
    yajl-ruby (1.4.3)

PLATFORMS
  x86_64-linux

DEPENDENCIES
  activesupport (~> 7)
  foreman (~> 0.87)
  metriks
  metriks-librato_metrics
  pry
  puma
  rack-test
  rake (~> 13)
  redis
  rspec (~> 3)
  sentry-ruby
  sidekiq (~> 7)
  sinatra (~> 3)
  timecop
  travis-config!
  travis-support!
  yajl-ruby (~> 1.4)

RUBY VERSION
   ruby 3.2.2p53

BUNDLED WITH
   2.4.17
