GIT
  remote: git://gist.github.com/2087829.git
  revision: c766c06b0bdbda3bd96c3f4e376249cafcbbfaaa
  specs:
    micro_migrations (0.0.1)

GIT
  remote: git://github.com/evanphx/puma.git
  revision: a2da39ca5d4f9b791997e6ebe82e591d8df7463e
  specs:
    puma (0.9.5)
      rack (>= 1.2, < 2.0)

GIT
  remote: git://github.com/mattmatt/metriks.git
  revision: 23482212ec6676bfde20dae70760f80778bf6e77
  ref: source
  specs:
    metriks (0.8.0)
      atomic (~> 1.0)
      hitimes (~> 1.1)

GIT
  remote: git://github.com/travis-ci/travis-core
  revision: f84006111eef13880328333dbc330406e3d87ae9
  specs:
    travis-core (0.0.1)
      actionmailer (~> 3.2.1)
      activerecord (~> 3.2.1)
      data_migrations (~> 0.0.1)
      devise (~> 1.5.0)
      gh (~> 0.0.1)
      hashr (~> 0.0.19)
      oa-oauth (~> 0.3.2)
      octokit (~> 0.6.5)
      omniauth
      postmark-rails (~> 0.4.1)
      pusher (~> 0.9.2)
      rabl (~> 0.5.1)
      railties (~> 3.2.1)
      rake (~> 0.9.2.2)
      simple_states (~> 0.1.0.pre2)
      thor (~> 0.14.6)

GIT
  remote: git://github.com/travis-ci/travis-support
  revision: 6023cb08b40d334804c06702293e7c74e0adf4d4
  specs:
    travis-support (0.0.1)

GEM
  remote: http://rubygems.org/
  specs:
    actionmailer (3.2.2)
      actionpack (= 3.2.2)
      mail (~> 2.4.0)
    actionpack (3.2.2)
      activemodel (= 3.2.2)
      activesupport (= 3.2.2)
      builder (~> 3.0.0)
      erubis (~> 2.7.0)
      journey (~> 1.0.1)
      rack (~> 1.4.0)
      rack-cache (~> 1.1)
      rack-test (~> 0.6.1)
      sprockets (~> 2.1.2)
    activemodel (3.2.2)
      activesupport (= 3.2.2)
      builder (~> 3.0.0)
    activerecord (3.2.2)
      activemodel (= 3.2.2)
      activesupport (= 3.2.2)
      arel (~> 3.0.2)
      tzinfo (~> 0.3.29)
    activesupport (3.2.2)
      i18n (~> 0.6)
      multi_json (~> 1.0)
    addressable (2.2.7)
    amq-client (0.9.2)
      amq-protocol (>= 0.9.0)
      eventmachine
    amq-protocol (0.9.0)
    amqp (0.9.4)
      amq-client (~> 0.9.2)
      amq-protocol (>= 0.9.0)
      eventmachine
    arel (3.0.2)
    atomic (1.0.0)
    backports (2.3.0)
    bcrypt-ruby (3.0.1)
    builder (3.0.0)
    data_migrations (0.0.1)
      activerecord
      rake
    database_cleaner (0.6.7)
    devise (1.5.3)
      bcrypt-ruby (~> 3.0)
      orm_adapter (~> 0.0.3)
      warden (~> 1.1)
    diff-lcs (1.1.3)
    erubis (2.7.0)
    eventmachine (0.12.10)
    faraday (0.7.6)
      addressable (~> 2.2)
      multipart-post (~> 1.1)
      rack (~> 1.1)
    faraday_middleware (0.7.0)
      faraday (~> 0.7.3)
    foreman (0.26.1)
      term-ansicolor (~> 1.0.5)
      thor (>= 0.13.6)
    gh (0.0.1)
      backports (~> 2.3)
      faraday (~> 0.7)
      multi_json (~> 1.0)
    hashie (1.2.0)
    hashr (0.0.19)
    hike (1.2.1)
    hitimes (1.1.1)
    i18n (0.6.0)
    journey (1.0.3)
    json (1.6.5)
    mail (2.4.4)
      i18n (>= 0.4.0)
      mime-types (~> 1.16)
      treetop (~> 1.4.8)
    mime-types (1.18)
    multi_json (1.0.4)
    multi_xml (0.4.2)
    multipart-post (1.1.5)
    newrelic_rpm (3.3.2.1)
    oa-core (0.3.2)
    oa-oauth (0.3.2)
      faraday (~> 0.7.3)
      multi_json (~> 1.0.0)
      multi_xml (~> 0.4.0)
      oa-core (= 0.3.2)
      oauth (~> 0.4.0)
      oauth2 (~> 0.5.0)
    oauth (0.4.5)
    oauth2 (0.5.2)
      faraday (~> 0.7)
      multi_json (~> 1.0)
    octokit (0.6.5)
      addressable (~> 2.2.6)
      faraday (~> 0.7.4)
      faraday_middleware (~> 0.7.0)
      hashie (~> 1.2.0)
      multi_json (~> 1.0.2)
    omniauth (1.0.3)
      hashie (~> 1.2)
      rack
    orm_adapter (0.0.6)
    pg (0.13.2)
    polyglot (0.3.3)
    postmark (0.9.10)
    postmark-rails (0.4.1)
      actionmailer
      postmark (>= 0.9.0)
      rake
    pusher (0.9.2)
      multi_json (~> 1.0)
      ruby-hmac (~> 0.4.0)
      signature (~> 0.1.2)
    rabl (0.5.4)
      activesupport (>= 2.3.14)
      multi_json (~> 1.0.3)
    rack (1.4.1)
    rack-cache (1.2)
      rack (>= 0.4)
    rack-protection (1.2.0)
      rack
    rack-ssl (1.3.2)
      rack
    rack-test (0.6.1)
      rack (>= 1.0)
    railties (3.2.2)
      actionpack (= 3.2.2)
      activesupport (= 3.2.2)
      rack-ssl (~> 1.3.2)
      rake (>= 0.8.7)
      rdoc (~> 3.4)
      thor (~> 0.14.6)
    rake (0.9.2.2)
    rdoc (3.12)
      json (~> 1.4)
    rspec (2.9.0)
      rspec-core (~> 2.9.0)
      rspec-expectations (~> 2.9.0)
      rspec-mocks (~> 2.9.0)
    rspec-core (2.9.0)
    rspec-expectations (2.9.0)
      diff-lcs (~> 1.1.3)
    rspec-mocks (2.9.0)
    ruby-hmac (0.4.0)
    signature (0.1.2)
      ruby-hmac
    silent-postgres (0.0.8)
    simple_states (0.1.0.pre2)
      activesupport
      hashr (~> 0.0.10)
    sinatra (1.3.2)
      rack (~> 1.3, >= 1.3.6)
      rack-protection (~> 1.2)
      tilt (~> 1.3, >= 1.3.3)
    sprockets (2.1.2)
      hike (~> 1.2)
      rack (~> 1.0)
      tilt (~> 1.1, != 1.3.0)
    term-ansicolor (1.0.7)
    thor (0.14.6)
    tilt (1.3.3)
    treetop (1.4.10)
      polyglot
      polyglot (>= 0.3.1)
    tzinfo (0.3.32)
    warden (1.1.1)
      rack (>= 1.0)
    yajl-ruby (1.1.0)

PLATFORMS
  ruby

DEPENDENCIES
  amqp (~> 0.9)
  data_migrations (~> 0.0.1)
  database_cleaner (~> 0.6.7)
  foreman (~> 0.26.1)
  metriks!
  micro_migrations!
  newrelic_rpm (~> 3.3.2)
  pg (~> 0.13)
  puma!
  rabl (~> 0.5.1)
  rake (~> 0.9.2.2)
  rspec (~> 2.9)
  silent-postgres (~> 0.0.8)
  sinatra (~> 1.3.1)
  travis-core!
  travis-support!
  yajl-ruby (~> 1.1.0)
