GIT
  remote: https://github.com/joshk/jemalloc-rb
  revision: 8c9dbef98f6bd4f96b371ec336b7e0c4fdc02d49
  specs:
    jemalloc (1.4.5)

GIT
  remote: https://github.com/travis-ci/travis-support
  revision: 113cff17fe383bb72fcfae3a97a8ce98c228342f
  ref: 113cff17fe383bb72fcfae3a97a8ce98c228342f
  specs:
    travis-support (0.0.1)

GEM
  remote: https://rubygems.org/
  specs:
    activesupport (5.2.5)
      concurrent-ruby (~> 1.0, >= 1.0.2)
      i18n (>= 0.7, < 2)
      minitest (~> 5.1)
      tzinfo (~> 1.1)
    atomic (1.1.99)
    avl_tree (1.2.1)
      atomic (~> 1.1)
    coderay (1.1.2)
    concurrent-ruby (1.1.10)
    connection_pool (2.2.5)
    diff-lcs (1.3)
    faraday (0.15.0)
      multipart-post (>= 1.2, < 3)
    foreman (0.41.0)
      thor (>= 0.13.6)
    hashr (2.0.1)
    hitimes (1.2.6)
    i18n (1.8.10)
      concurrent-ruby (~> 1.0)
    json (2.5.1)
    method_source (0.9.0)
    metriks (0.9.9.8)
      atomic (~> 1.0)
      avl_tree (~> 1.2.0)
      hitimes (~> 1.1)
    metriks-librato_metrics (1.0.6)
      metriks (>= 0.9.9.6)
    minitest (5.14.4)
    multipart-post (2.0.0)
    mustermann (2.0.2)
      ruby2_keywords (~> 0.0.1)
    nio4r (2.5.8)
    pry (0.11.3)
      coderay (~> 1.1.0)
      method_source (~> 0.9.0)
    puma (4.3.12)
      nio4r (~> 2.0)
    rack (2.2.4)
    rack-protection (2.2.4)
      rack
    rack-test (1.0.0)
      rack (>= 1.0, < 3)
    rake (12.3.3)
    redis (4.6.0)
    redis-namespace (1.6.0)
      redis (>= 3.0.4)
    rspec (2.99.0)
      rspec-core (~> 2.99.0)
      rspec-expectations (~> 2.99.0)
      rspec-mocks (~> 2.99.0)
    rspec-core (2.99.2)
    rspec-expectations (2.99.2)
      diff-lcs (>= 1.1.3, < 2.0)
    rspec-mocks (2.99.4)
    ruby2_keywords (0.0.5)
    sentry-raven (2.7.3)
      faraday (>= 0.7.6, < 1.0)
    sidekiq (6.4.1)
      connection_pool (>= 2.2.2)
      rack (~> 2.0)
      redis (>= 4.2.0)
    sinatra (2.2.4)
      mustermann (~> 2.0)
      rack (~> 2.2)
      rack-protection (= 2.2.4)
      tilt (~> 2.0)
    thor (0.20.0)
    thread_safe (0.3.6)
    tilt (2.0.11)
    timecop (0.9.5)
    travis-config (1.0.13)
      hashr (~> 2.0.0)
    tzinfo (1.2.10)
      thread_safe (~> 0.1)
    yajl-ruby (1.4.1)

PLATFORMS
  ruby

DEPENDENCIES
  activesupport (~> 5)
  foreman (~> 0.41.0)
  jemalloc!
  json
  metriks
  metriks-librato_metrics
  pry
  puma (~> 4)
  rack-test
  rake (~> 12.3.3)
  redis-namespace
  rspec (~> 2.9)
  sentry-raven
  sidekiq (~> 6.4.0)
  sinatra (~> 2.2)
  timecop
  travis-config (~> 1.0.0)
  travis-support!
  yajl-ruby (~> 1.4.1)

RUBY VERSION
   ruby 2.5.8p224

BUNDLED WITH
   1.17.3
