GIT
  remote: git://github.com/mattmatt/metriks
  revision: 23482212ec6676bfde20dae70760f80778bf6e77
  ref: source
  specs:
    metriks (0.8.0)
      atomic (~> 1.0)
      hitimes (~> 1.1)

GIT
  remote: git://github.com/travis-ci/travis-support
  revision: 4aeb6b1bfec64a8141646b84fc10a3c3bff4e577
  branch: bunny
  specs:
    travis-support (0.0.1)

GEM
  remote: http://rubygems.org/
  specs:
    activesupport (3.2.3)
      i18n (~> 0.6)
      multi_json (~> 1.0)
    addressable (2.2.7)
    atomic (1.0.0)
    backports (2.4.0)
    bunny (0.7.9)
    crack (0.3.1)
    diff-lcs (1.1.3)
    foreman (0.41.0)
      thor (>= 0.13.6)
    hashr (0.0.21)
    hitimes (1.1.1)
    i18n (0.6.0)
    kgio (2.7.4)
    multi_json (1.2.0)
    newrelic_rpm (3.3.3)
    rack (1.4.1)
    rack-protection (1.2.0)
      rack
    rack-test (0.6.1)
      rack (>= 1.0)
    raindrops (0.8.0)
    rake (0.9.2.2)
    rspec (2.9.0)
      rspec-core (~> 2.9.0)
      rspec-expectations (~> 2.9.0)
      rspec-mocks (~> 2.9.0)
    rspec-core (2.9.0)
    rspec-expectations (2.9.1)
      diff-lcs (~> 1.1.3)
    rspec-mocks (2.9.0)
    sinatra (1.3.2)
      rack (~> 1.3, >= 1.3.6)
      rack-protection (~> 1.2)
      tilt (~> 1.3, >= 1.3.3)
    thor (0.14.6)
    tilt (1.3.3)
    unicorn (4.2.1)
      kgio (~> 2.6)
      rack
      raindrops (~> 0.7)
    webmock (1.8.6)
      addressable (>= 2.2.7)
      crack (>= 0.1.7)
    yajl-ruby (1.1.0)

PLATFORMS
  ruby

DEPENDENCIES
  activesupport (~> 3.2.3)
  backports (= 2.4.0)
  bunny (~> 0.7.9)
  foreman (~> 0.41.0)
  hashr (~> 0.0.19)
  metriks!
  newrelic_rpm (~> 3.3.2)
  rack-test
  rake (~> 0.9.2.2)
  rspec (~> 2.9)
  sinatra (~> 1.3.1)
  travis-support!
  unicorn (~> 4.2.1)
  webmock
  yajl-ruby (~> 1.1.0)
